GEM
  remote: https://rubygems.org/
  specs:
    ffi (1.9.25)
    ffi (1.9.25-x64-mingw32)
    hologram (1.4.0)
      redcarpet (>= 2.2, < 4.0)
      rouge (>= 1.5)
    rake (12.3.1)
    rb-fsevent (0.10.3)
    rb-inotify (0.9.10)
      ffi (>= 0.5.0, < 2)
    redcarpet (3.5.1)
    rouge (3.2.0)
    sass (3.5.7)
      sass-listen (~> 4.0.0)
    sass-listen (4.0.0)
      rb-fsevent (~> 0.9, >= 0.9.4)
      rb-inotify (~> 0.9, >= 0.9.7)
    scss_lint (0.56.0)
      rake (>= 0.9, < 13)
      sass (~> 3.5.3)

PLATFORMS
  ruby
  x64-mingw32

DEPENDENCIES
  hologram (~> 1.4.0)
  scss_lint (~> 0.56.0)

BUNDLED WITH
   1.16.4
